PATH
  remote: .
  specs:
    kele (0.0.1)
      httparty (~> 0.13)

GEM
  remote: https://rubygems.org/
  specs:
    httparty (0.13.7)
      json (~> 1.8)
      multi_xml (>= 0.5.2)
    json (1.8.6)
    multi_xml (0.6.0)

PLATFORMS
  x86-mingw32

DEPENDENCIES
  httparty (~> 0.13.7)
  json (~> 1.8, >= 1.8.3)
  kele!

BUNDLED WITH
   1.16.1
